GEM
  remote: https://rubygems.org/
  specs:
    asciidoctor (2.0.12)
    asciidoctor-diagram (2.1.0)
      asciidoctor (>= 1.5.7, < 3.x)
      asciidoctor-diagram-ditaamini (~> 0.13)
      asciidoctor-diagram-plantuml (~> 1.2021)
      rexml
    asciidoctor-diagram-ditaamini (0.13.1)
    asciidoctor-diagram-plantuml (1.2021.0)
    bcp47 (0.3.3)
      i18n
    coderay (1.1.3)
    concurrent-ruby (1.1.8)
    date_time_precision (0.8.1)
    diff-lcs (1.4.4)
    ecma-re-validator (0.3.0)
      regexp_parser (~> 2.0)
    fhir_models (4.1.1)
      bcp47 (>= 0.3)
      date_time_precision (>= 0.8)
      mime-types (>= 3.0)
      nokogiri (>= 1.10.4)
    hana (1.3.7)
    i18n (1.8.9)
      concurrent-ruby (~> 1.0)
    json_schemer (0.2.17)
      ecma-re-validator (~> 0.3)
      hana (~> 1.3)
      regexp_parser (~> 2.0)
      uri_template (~> 0.7)
    mime-types (3.3.1)
      mime-types-data (~> 3.2015)
    mime-types-data (3.2021.0212)
    nokogiri (1.13.2-x86_64-linux)
      racc (~> 1.4)
    racc (1.6.0)
    rake (13.0.3)
    regexp_parser (2.0.3)
    rexml (3.2.4)
    rspec (3.10.0)
      rspec-core (~> 3.10.0)
      rspec-expectations (~> 3.10.0)
      rspec-mocks (~> 3.10.0)
    rspec-core (3.10.1)
      rspec-support (~> 3.10.0)
    rspec-expectations (3.10.1)
      diff-lcs (>= 1.2.0, < 2.0)
      rspec-support (~> 3.10.0)
    rspec-mocks (3.10.2)
      diff-lcs (>= 1.2.0, < 2.0)
      rspec-support (~> 3.10.0)
    rspec-support (3.10.2)
    simple_hl7 (1.0.2)
    uri_template (0.7.0)

PLATFORMS
  x86_64-linux

DEPENDENCIES
  asciidoctor
  asciidoctor-diagram
  coderay
  fhir_models
  json_schemer
  nokogiri
  rake
  rspec
  simple_hl7

BUNDLED WITH
   2.2.3
